GEM
  remote: https://rubygems.org/
  specs:
    addressable (2.6.0)
      public_suffix (>= 2.0.2, < 4.0)
    byebug (11.0.1)
    capybara (3.25.0)
      addressable
      mini_mime (>= 0.1.3)
      nokogiri (~> 1.8)
      rack (>= 1.6.0)
      rack-test (>= 0.6.3)
      regexp_parser (~> 1.5)
      xpath (~> 3.2)
    capybara-screenshot (1.0.23)
      capybara (>= 1.0, < 4)
      launchy
    cliver (0.3.2)
    coderay (1.1.2)
    concurrent-ruby (1.1.5)
    database_cleaner (1.7.0)
    diff-lcs (1.3)
    dry-auto_inject (0.6.1)
      dry-container (>= 0.3.4)
    dry-configurable (0.8.3)
      concurrent-ruby (~> 1.0)
      dry-core (~> 0.4, >= 0.4.7)
    dry-container (0.7.1)
      concurrent-ruby (~> 1.0)
      dry-configurable (~> 0.1, >= 0.1.3)
    dry-core (0.4.8)
      concurrent-ruby (~> 1.0)
    dry-equalizer (0.2.2)
    dry-events (0.1.1)
      concurrent-ruby (~> 1.0)
      dry-core (~> 0.4)
      dry-equalizer (~> 0.2)
    dry-inflector (0.1.2)
    dry-initializer (3.0.1)
    dry-logic (1.0.2)
      concurrent-ruby (~> 1.0)
      dry-core (~> 0.2)
      dry-equalizer (~> 0.2)
    dry-matcher (0.7.0)
    dry-monads (1.2.0)
      concurrent-ruby (~> 1.0)
      dry-core (~> 0.4, >= 0.4.4)
      dry-equalizer
    dry-monitor (0.3.1)
      dry-configurable (~> 0.5)
      dry-core (~> 0.4)
      dry-equalizer (~> 0.2)
      dry-events (~> 0.1)
    dry-schema (1.3.1)
      concurrent-ruby (~> 1.0)
      dry-configurable (~> 0.8, >= 0.8.3)
      dry-core (~> 0.4)
      dry-equalizer (~> 0.2)
      dry-initializer (~> 3.0)
      dry-logic (~> 1.0)
      dry-types (~> 1.0)
    dry-struct (1.0.0)
      dry-core (~> 0.4, >= 0.4.3)
      dry-equalizer (~> 0.2)
      dry-types (~> 1.0)
      ice_nine (~> 0.11)
    dry-system (0.12.0)
      concurrent-ruby (~> 1.0)
      dry-auto_inject (>= 0.4.0)
      dry-configurable (~> 0.7, >= 0.7.0)
      dry-container (~> 0.7)
      dry-core (>= 0.3.1)
      dry-equalizer (~> 0.2)
      dry-inflector (~> 0.1, >= 0.1.2)
      dry-struct (~> 1.0)
    dry-types (1.1.0)
      concurrent-ruby (~> 1.0)
      dry-container (~> 0.3)
      dry-core (~> 0.4, >= 0.4.4)
      dry-equalizer (~> 0.2, >= 0.2.2)
      dry-inflector (~> 0.1, >= 0.1.2)
      dry-logic (~> 1.0, >= 1.0.2)
    dry-validation (1.1.1)
      concurrent-ruby (~> 1.0)
      dry-container (~> 0.7, >= 0.7.1)
      dry-core (~> 0.4)
      dry-equalizer (~> 0.2)
      dry-initializer (~> 3.0)
      dry-schema (~> 1.0, >= 1.1.0)
    dry-view (0.7.0)
      dry-configurable (~> 0.1)
      dry-core (~> 0.2)
      dry-equalizer (~> 0.2)
      dry-inflector (~> 0.1)
      tilt (~> 2.0, >= 2.0.6)
    dry-web (0.8.0)
      dry-monitor (~> 0.1)
      dry-system (~> 0.9)
    dry-web-roda (0.12.0)
      dry-configurable (~> 0.2)
      inflecto (~> 0.0)
      roda (~> 3.0)
      roda-flow (~> 0.4)
      thor (~> 0.19)
    faker (1.9.6)
      i18n (>= 0.7)
    ffi (1.11.1)
    i18n (1.6.0)
      concurrent-ruby (~> 1.0)
    ice_nine (0.11.2)
    inflecto (0.0.2)
    launchy (2.4.3)
      addressable (~> 2.3)
    listen (3.1.5)
      rb-fsevent (~> 0.9, >= 0.9.4)
      rb-inotify (~> 0.9, >= 0.9.7)
      ruby_dep (~> 1.2)
    method_source (0.9.2)
    mini_mime (1.0.2)
    mini_portile2 (2.4.0)
    nio4r (2.4.0)
    nokogiri (1.10.3)
      mini_portile2 (~> 2.4.0)
    pg (1.1.4)
    poltergeist (1.18.1)
      capybara (>= 2.1, < 4)
      cliver (~> 0.3.1)
      websocket-driver (>= 0.2.0)
    pry (0.12.2)
      coderay (~> 1.1.0)
      method_source (~> 0.9.0)
    pry-byebug (3.7.0)
      byebug (~> 11.0)
      pry (~> 0.10)
    public_suffix (3.1.1)
    puma (4.0.0)
      nio4r (~> 2.0)
    rack (2.0.7)
    rack-test (1.1.0)
      rack (>= 1.0, < 3)
    rack_csrf (2.6.0)
      rack (>= 1.1.0)
    rake (12.3.2)
    rb-fsevent (0.10.3)
    rb-inotify (0.10.0)
      ffi (~> 1.0)
    regexp_parser (1.5.1)
    rerun (0.13.0)
      listen (~> 3.0)
    roda (3.21.0)
      rack
    roda-flow (0.4.0)
    rom (5.0.2)
      rom-changeset (~> 5.0, >= 5.0.1)
      rom-core (~> 5.0, >= 5.0.2)
      rom-repository (~> 5.0)
    rom-changeset (5.0.1)
      dry-core (~> 0.3, >= 0.3.1)
      rom-core (~> 5.0)
      transproc (~> 1.0)
    rom-core (5.0.2)
      concurrent-ruby (~> 1.1)
      dry-container (~> 0.7)
      dry-core (~> 0.4)
      dry-equalizer (~> 0.2)
      dry-inflector (~> 0.1)
      dry-initializer (~> 3.0, >= 3.0.1)
      dry-struct (~> 1.0)
      dry-types (~> 1.0)
      transproc (~> 1.0)
    rom-factory (0.8.0)
      dry-configurable (~> 0.7)
      dry-core (~> 0.4)
      faker (~> 1.7)
      rom-core (~> 5.0)
    rom-repository (5.0.0)
      dry-core (~> 0.4)
      dry-initializer (~> 3.0, >= 3.0.1)
      rom-core (~> 5.0)
    rom-sql (3.0.1)
      dry-core (~> 0.4)
      dry-equalizer (~> 0.2)
      dry-types (~> 1.0)
      rom-core (~> 5.0, >= 5.0.1)
      sequel (>= 4.49)
    rspec (3.8.0)
      rspec-core (~> 3.8.0)
      rspec-expectations (~> 3.8.0)
      rspec-mocks (~> 3.8.0)
    rspec-core (3.8.2)
      rspec-support (~> 3.8.0)
    rspec-expectations (3.8.4)
      diff-lcs (>= 1.2.0, < 2.0)
      rspec-support (~> 3.8.0)
    rspec-mocks (3.8.1)
      diff-lcs (>= 1.2.0, < 2.0)
      rspec-support (~> 3.8.0)
    rspec-support (3.8.2)
    ruby_dep (1.5.0)
    sequel (5.22.0)
    slim (4.0.1)
      temple (>= 0.7.6, < 0.9)
      tilt (>= 2.0.6, < 2.1)
    temple (0.8.1)
    thor (0.20.3)
    tilt (2.0.9)
    transproc (1.0.3)
    websocket-driver (0.7.1)
      websocket-extensions (>= 0.1.0)
    websocket-extensions (0.1.5)
    xpath (3.2.0)
      nokogiri (~> 1.8)

PLATFORMS
  ruby

DEPENDENCIES
  capybara
  capybara-screenshot
  database_cleaner
  dry-matcher
  dry-monads
  dry-struct
  dry-system (~> 0.9)
  dry-types
  dry-validation
  dry-view (~> 0.7)
  dry-web (~> 0.7)
  dry-web-roda (~> 0.11)
  pg
  poltergeist
  pry-byebug
  puma
  rack (>= 2.0)
  rack_csrf
  rake
  rerun
  rom
  rom-factory (~> 0.5)
  rom-sql
  rspec
  slim

BUNDLED WITH
   2.0.1
